GEM
  remote: https://rubygems.org/
  specs:
    CFPropertyList (3.0.2)
    addressable (2.8.0)
      public_suffix (>= 2.0.2, < 5.0)
    atomos (0.1.3)
    claide (1.0.3)
    colored2 (3.1.2)
    diff-lcs (1.4.4)
    down (5.2.0)
      addressable (~> 2.5)
    json (2.3.1)
    nanaimo (0.3.0)
    plist (3.5.0)
    public_suffix (4.0.6)
    rspec (3.9.0)
      rspec-core (~> 3.9.0)
      rspec-expectations (~> 3.9.0)
      rspec-mocks (~> 3.9.0)
    rspec-core (3.9.3)
      rspec-support (~> 3.9.3)
    rspec-expectations (3.9.3)
      diff-lcs (>= 1.2.0, < 2.0)
      rspec-support (~> 3.9.0)
    rspec-mocks (3.9.1)
      diff-lcs (>= 1.2.0, < 2.0)
      rspec-support (~> 3.9.0)
    rspec-support (3.9.4)
    rubyzip (2.3.0)
    xcodeproj (1.19.0)
      CFPropertyList (>= 2.3.3, < 4.0)
      atomos (~> 0.1.3)
      claide (>= 1.0.2, < 2.0)
      colored2 (~> 3.1)
      nanaimo (~> 0.3.0)

PLATFORMS
  ruby

DEPENDENCIES
  down
  json
  plist
  rspec
  rubyzip
  xcodeproj

BUNDLED WITH
   2.1.4
